GEM
  remote: https://rubygems.org/
  specs:
    kwalify (0.7.2)
    minitest (5.8.3)
    rake (10.5.0)
    yaml-lint (0.0.7)

PLATFORMS
  ruby

DEPENDENCIES
  kwalify
  minitest
  rake
  yaml-lint

BUNDLED WITH
   1.11.2
